GIT
  remote: https://github.com/applandinc/appmap-ruby.git
  revision: 216c45468bdf50251fd8fcfd45849acaf997bd73
  branch: feat/crypto-algorithm
  specs:
    appmap (0.83.4)
      activesupport
      method_source
      rack
      reverse_markdown

GEM
  remote: https://rubygems.org/
  specs:
    activesupport (7.0.3.1)
      concurrent-ruby (~> 1.0, >= 1.0.2)
      i18n (>= 1.6, < 2)
      minitest (>= 5.1)
      tzinfo (~> 2.0)
    byebug (11.1.3)
    concurrent-ruby (1.1.10)
    i18n (1.12.0)
      concurrent-ruby (~> 1.0)
    method_source (1.0.0)
    minitest (5.16.2)
    nokogiri (1.13.8-x86_64-darwin)
      racc (~> 1.4)
    racc (1.6.0)
    rack (2.2.4)
    rake (13.0.6)
    reverse_markdown (2.1.1)
      nokogiri
    tzinfo (2.0.5)
      concurrent-ruby (~> 1.0)

PLATFORMS
  x86_64-darwin-17
  x86_64-darwin-20

DEPENDENCIES
  appmap!
  byebug
  minitest
  rake

BUNDLED WITH
   2.2.30
